PATH
  remote: .
  specs:
    jass-rollup (0.5.1)
      nodo (>= 1.5.4)

GEM
  remote: https://rubygems.org/
  specs:
    byebug (11.1.3)
    minitest (5.14.4)
    nodo (1.6.3)
    rake (13.0.6)

PLATFORMS
  x86_64-darwin-18

DEPENDENCIES
  bundler
  byebug
  jass-rollup!
  minitest
  rake

BUNDLED WITH
   2.2.20
